{
    "Modality": "MR",
    "MagneticFieldStrength": 3,
    "ImagingFrequency": 127.768,
    "Manufacturer": "GE",
    "PulseSequenceName": "epi",
    "InternalPulseSequenceName": "EPI",
    "ManufacturersModelName": "DISCOVERY MR750",
    "InstitutionName": "MR750",
    "DeviceSerialNumber": "0000082427040205",
    "StationName": "gehcgehc",
    "SeriesInstanceUID": "1.2.840.113619.2.408.5554020.7742226.29655.1686614263.501",
    "StudyInstanceUID": "1.2.840.113619.6.408.99110513237871247943950082066964641253",
    "StudyID": "23582",
    "PatientName": "LIU SHU LAN",
    "PatientID": "567890",
    "PatientSex": "M",
    "PatientWeight": 73,
    "BodyPartExamined": "HEAD",
    "PatientPosition": "HFS",
    "SoftwareVersions": "27\\LX\\MR Software release:DV26.0_R03_1831.b",
    "MRAcquisitionType": "2D",
    "SeriesDescription": "Ax GRE EPI fMRI BOLD",
    "ProtocolName": "WU KANG",
    "ScanningSequence": "EP\\GR",
    "SequenceVariant": "SS",
    "ScanOptions": "MP_GEMS\\EPI_GEMS",
    "ImageType": [
        "ORIGINAL",
        "PRIMARY",
        "OTHER"
    ],
    "SeriesNumber": 6,
    "AcquisitionTime": "15:55:32.000000",
    "AcquisitionDateTime": "2023-06-13T15:55:32.000000",
    "AcquisitionNumber": 1,
    "TriggerDelayTime": 231452,
    "SliceThickness": 4,
    "SpacingBetweenSlices": 4,
    "SAR": 0.116943,
    "EchoTime": 0.06,
    "RepetitionTime": 3,
    "FlipAngle": 90,
    "PhaseEncodingPolarityGE": "Flipped",
    "CoilString": "8HRBRAIN",
    "PercentPhaseFOV": 100,
    "PercentSampling": 100,
    "AcquisitionMatrixPE": 64,
    "ReconMatrixPE": 64,
    "EffectiveEchoSpacing": 0.000388,
    "TotalReadoutTime": 0.024444,
    "PixelBandwidth": 7812.5,
    "PhaseEncodingDirection": "j",
    "SliceTiming": [
        0,
        1.54839,
        0.0967742,
        1.64516,
        0.193548,
        1.74194,
        0.290323,
        1.83871,
        0.387097,
        1.93548,
        0.483871,
        2.03226,
        0.580645,
        2.12903,
        0.677419,
        2.22581,
        0.774194,
        2.32258,
        0.870968,
        2.41935,
        0.967742,
        2.51613,
        1.06452,
        2.6129,
        1.16129,
        2.70968,
        1.25806,
        2.80645,
        1.35484,
        2.90323,
        1.45161
    ],
    "ImageOrientationPatientDICOM": [
        1,
        0,
        0,
        0,
        1,
        0
    ],
    "InPlanePhaseEncodingDirectionDICOM": "COL",
    "ConversionSoftware": "dcm2niix",
    "ConversionSoftwareVersion": "v1.0.20211006"
}