{
	"Modality": "MR",
	"MagneticFieldStrength": 3,
	"ImagingFrequency": 127.768,
	"Manufacturer": "GE",
	"PulseSequenceName": "epi",
	"InternalPulseSequenceName": "EPI",
	"ManufacturersModelName": "DISCOVERY MR750",
	"InstitutionName": "MR750",
	"DeviceSerialNumber": "0000082427040205",
	"StationName": "gehcgehc",
	"SeriesInstanceUID": "1.2.840.113619.2.408.5554020.7742226.30678.1686009862.305",
	"StudyInstanceUID": "1.2.840.113619.6.408.57120668313183270003689989492736373021",
	"StudyID": "23266",
	"PatientName": "LI SHU LAN",
	"PatientID": "546779806T87",
	"PatientSex": "F",
	"PatientWeight": 70,
	"BodyPartExamined": "HEAD",
	"PatientPosition": "HFS",
	"SoftwareVersions": "27\\LX\\MR Software release:DV26.0_R03_1831.b",
	"MRAcquisitionType": "2D",
	"SeriesDescription": "Ax BOLD",
	"ProtocolName": "WU KANG",
	"ScanningSequence": "EP\\GR",
	"SequenceVariant": "SS",
	"ScanOptions": "MP_GEMS\\EPI_GEMS\\ACC_GEMS",
	"ImageType": ["ORIGINAL", "PRIMARY", "OTHER"],
	"SeriesNumber": 5,
	"AcquisitionTime": "15:12:25.000000",
	"AcquisitionDateTime": "2023-06-06T15:12:25.000000",
	"AcquisitionNumber": 1,
	"TriggerDelayTime": 358968,
	"SliceThickness": 3.5,
	"SpacingBetweenSlices": 4.2,
	"SAR": 0.171748,
	"EchoTime": 0.03,
	"RepetitionTime": 2,
	"FlipAngle": 90,
	"PhaseEncodingPolarityGE": "Flipped",
	"CoilString": "8HRBRAIN",
	"PercentPhaseFOV": 100,
	"PercentSampling": 100,
	"AcquisitionMatrixPE": 64,
	"ReconMatrixPE": 64,
	"ParallelReductionFactorInPlane": 2,
	"EffectiveEchoSpacing": 0.000204698,
	"TotalReadoutTime": 0.012896,
	"PixelBandwidth": 7812.5,
	"PhaseEncodingDirection": "j",
	"SliceTiming": [
		0,
		1.03226,
		0.0645161,
		1.09677,
		0.129032,
		1.16129,
		0.193548,
		1.22581,
		0.258065,
		1.29032,
		0.322581,
		1.35484,
		0.387097,
		1.41935,
		0.451613,
		1.48387,
		0.516129,
		1.54839,
		0.580645,
		1.6129,
		0.645161,
		1.67742,
		0.709677,
		1.74194,
		0.774194,
		1.80645,
		0.83871,
		1.87097,
		0.903226,
		1.93548,
		0.967742	],
	"ImageOrientationPatientDICOM": [
		1,
		-0,
		0,
		-0,
		1,
		0	],
	"InPlanePhaseEncodingDirectionDICOM": "COL",
	"ConversionSoftware": "dcm2niix",
	"ConversionSoftwareVersion": "v1.0.20211006"
}
