{
	"Modality": "MR",
	"MagneticFieldStrength": 3,
	"ImagingFrequency": 127.768,
	"Manufacturer": "GE",
	"ManufacturersModelName": "DISCOVERY MR750",
	"InstitutionName": "MR750",
	"DeviceSerialNumber": "0000082427040205",
	"StationName": "gehcgehc",
	"SeriesInstanceUID": "1.2.840.113619.2.408.5554020.7742226.29655.1686614263.496",
	"StudyInstanceUID": "1.2.840.113619.6.408.99110513237871247943950082066964641253",
	"StudyID": "23582",
	"PatientName": "LIU SHU LAN",
	"PatientID": "567890",
	"PatientSex": "M",
	"PatientWeight": 73,
	"BodyPartExamined": "HEAD",
	"PatientPosition": "HFS",
	"SoftwareVersions": "27\\LX\\MR Software release:DV26.0_R03_1831.b",
	"MRAcquisitionType": "3D",
	"SeriesDescription": "Sag 3D T1BRAVO",
	"ProtocolName": "WU KANG",
	"ScanningSequence": "GR",
	"SequenceVariant": "SS\\SK",
	"ScanOptions": "FAST_GEMS\\EDR_GEMS\\FILTERED_GEMS\\ACC_GEMS\\IR_GEMS",
	"ImageType": ["ORIGINAL", "PRIMARY", "OTHER"],
	"SeriesNumber": 3,
	"AcquisitionTime": "15:37:17.000000",
	"AcquisitionDateTime": "2023-06-13T15:37:17.000000",
	"AcquisitionNumber": 1,
	"SliceThickness": 1,
	"SpacingBetweenSlices": 1,
	"SAR": 0.120026,
	"EchoTime": 0.003208,
	"RepetitionTime": 0.008236,
	"InversionTime": 0.45,
	"FlipAngle": 12,
	"CoilString": "8HRBRAIN",
	"PercentPhaseFOV": 100,
	"PercentSampling": 100,
	"AcquisitionMatrixPE": 256,
	"ReconMatrixPE": 512,
	"ParallelReductionFactorInPlane": 1.75,
	"PixelBandwidth": 122.07,
	"ImageOrientationPatientDICOM": [
		-0,
		1,
		0,
		-0.02627,
		-0,
		-0.99966	],
	"InPlanePhaseEncodingDirectionDICOM": "ROW",
	"ConversionSoftware": "dcm2niix",
	"ConversionSoftwareVersion": "v1.0.20211006"
}
