{
	"Modality": "MR",
	"MagneticFieldStrength": 3,
	"ImagingFrequency": 127.768,
	"Manufacturer": "GE",
	"ManufacturersModelName": "DISCOVERY MR750",
	"InstitutionName": "MR750",
	"DeviceSerialNumber": "0000082427040205",
	"StationName": "gehcgehc",
	"SeriesInstanceUID": "1.2.840.113619.2.408.5554020.7742226.30678.1686009862.300",
	"StudyInstanceUID": "1.2.840.113619.6.408.57120668313183270003689989492736373021",
	"StudyID": "23266",
	"PatientName": "LI SHU LAN",
	"PatientID": "546779806T87",
	"PatientSex": "F",
	"PatientWeight": 70,
	"BodyPartExamined": "HEAD",
	"PatientPosition": "HFS",
	"SoftwareVersions": "27\\LX\\MR Software release:DV26.0_R03_1831.b",
	"MRAcquisitionType": "2D",
	"SeriesDescription": "3-Pl T2* FGRE",
	"ProtocolName": "WU KANG",
	"ScanningSequence": "GR",
	"SequenceVariant": "SS\\SK",
	"ScanOptions": "FAST_GEMS\\SEQ_GEMS\\PFF",
	"ImageType": ["ORIGINAL", "PRIMARY", "OTHER"],
	"SeriesNumber": 1,
	"AcquisitionTime": "14:59:29.000000",
	"AcquisitionDateTime": "2023-06-06T14:59:29.000000",
	"AcquisitionNumber": 1,
	"SliceThickness": 10,
	"SpacingBetweenSlices": 20,
	"SAR": 0.330474,
	"EchoTime": 0.001452,
	"RepetitionTime": 0.005088,
	"FlipAngle": 30,
	"CoilString": "8HRBRAIN",
	"PercentPhaseFOV": 100,
	"PercentSampling": 100,
	"AcquisitionMatrixPE": 192,
	"ReconMatrixPE": 256,
	"PixelBandwidth": 244.141,
	"PhaseEncodingAxis": "i",
	"ImageOrientationPatientDICOM": [
		1,
		-0,
		0,
		-0,
		1,
		0	],
	"InPlanePhaseEncodingDirectionDICOM": "ROW",
	"ConversionSoftware": "dcm2niix",
	"ConversionSoftwareVersion": "v1.0.20211006"
}
