{
	"Modality": "MR",
	"MagneticFieldStrength": 3,
	"ImagingFrequency": 127.768,
	"Manufacturer": "GE",
	"InternalPulseSequenceName": "EPI2",
	"ManufacturersModelName": "DISCOVERY MR750",
	"InstitutionName": "MR750",
	"DeviceSerialNumber": "0000082427040205",
	"StationName": "gehcgehc",
	"SeriesInstanceUID": "1.2.840.113619.2.408.5554020.7742226.29655.1686614263.497",
	"StudyInstanceUID": "1.2.840.113619.6.408.99110513237871247943950082066964641253",
	"StudyID": "23582",
	"PatientName": "LIU SHU LAN",
	"PatientID": "567890",
	"PatientSex": "M",
	"PatientWeight": 73,
	"BodyPartExamined": "HEAD",
	"PatientPosition": "HFS",
	"SoftwareVersions": "27\\LX\\MR Software release:DV26.0_R03_1831.b",
	"MRAcquisitionType": "2D",
	"SeriesDescription": "Ax DTI 30 Directions",
	"ProtocolName": "WU KANG",
	"ScanningSequence": "EP\\SE",
	"SequenceVariant": "NONE",
	"ScanOptions": "EPI_GEMS\\FILTERED_GEMS\\ACC_GEMS\\PFF",
	"ImageType": ["ORIGINAL", "PRIMARY", "OTHER"],
	"SeriesNumber": 4,
	"AcquisitionTime": "15:42:27.000000",
	"AcquisitionDateTime": "2023-06-13T15:42:27.000000",
	"AcquisitionNumber": 1,
	"SliceThickness": 2.9,
	"SpacingBetweenSlices": 2.9,
	"SAR": 0.29207,
	"EchoTime": 0.094,
	"RepetitionTime": 11,
	"FlipAngle": 90,
	"PhaseEncodingPolarityGE": "Flipped",
	"CoilString": "8HRBRAIN",
	"PercentPhaseFOV": 100,
	"PercentSampling": 100,
	"AcquisitionMatrixPE": 160,
	"ReconMatrixPE": 256,
	"ParallelReductionFactorInPlane": 2,
	"EffectiveEchoSpacing": 0.000242886,
	"TotalReadoutTime": 0.061936,
	"PixelBandwidth": 1953.12,
	"PhaseEncodingDirection": "j",
	"ImageOrientationPatientDICOM": [
		0.99817,
		0.00936,
		-0.05968,
		-0.00949,
		0.99995,
		-0.00179	],
	"InPlanePhaseEncodingDirectionDICOM": "COL",
	"ConversionSoftware": "dcm2niix",
	"ConversionSoftwareVersion": "v1.0.20211006"
}
